GEM
  remote: https://rubygems.org/
  specs:
    minitest (5.15.0)
    thor (1.2.1)

PLATFORMS
  ruby

DEPENDENCIES
  minitest
  thor (~> 1.2, >= 1.2.1)

BUNDLED WITH
   1.17.2
