GEM
  remote: https://rubygems.org/
  specs:
    byebug (11.1.3)
    minitest (5.15.0)
    minitest-hooks (1.5.0)
      minitest (> 5.3)
    thor (1.2.1)

PLATFORMS
  ruby

DEPENDENCIES
  byebug
  minitest
  minitest-hooks
  thor

BUNDLED WITH
   1.17.2
